GEM
  remote: http://rubygems.org/
  specs:
    addressable (2.3.5)
    dotenv (0.9.0)
    excon (0.25.3)
    heroku (3.0.1)
      heroku-api (~> 0.3.7)
      launchy (>= 0.3.2)
      netrc (~> 0.7.7)
      rest-client (~> 1.6.1)
      rubyzip
    heroku-api (0.3.15)
      excon (~> 0.25.1)
    httparty (0.12.0)
      json (~> 1.8)
      multi_xml (>= 0.5.2)
    json (1.8.1)
    launchy (2.3.0)
      addressable (~> 2.3)
    mime-types (1.25)
    multi_xml (0.5.5)
    netrc (0.7.7)
    oj (2.1.7)
    rack (1.5.2)
    rack-protection (1.5.0)
      rack
    rest-client (1.6.7)
      mime-types (>= 1.16)
    rubyzip (1.0.0)
    sinatra (1.4.3)
      rack (~> 1.4)
      rack-protection (~> 1.4)
      tilt (~> 1.3, >= 1.3.4)
    tilt (1.4.1)

PLATFORMS
  ruby

DEPENDENCIES
  dotenv
  heroku
  httparty
  oj
  sinatra
